GEM
  remote: https://rubygems.org/
  specs:
    diff-lcs (1.2.5)
    facter (2.2.0)
    hiera (1.3.4)
      json_pure
    json_pure (1.8.1)
    puppet (3.7.1)
      facter (> 1.6, < 3)
      hiera (~> 1.0)
      json_pure
    puppet-lint (1.0.1)
    rake (10.2.2)
    rspec (3.1.0)
      rspec-core (~> 3.1.0)
      rspec-expectations (~> 3.1.0)
      rspec-mocks (~> 3.1.0)
    rspec-core (3.1.4)
      rspec-support (~> 3.1.0)
    rspec-expectations (3.1.1)
      diff-lcs (>= 1.2.0, < 2.0)
      rspec-support (~> 3.1.0)
    rspec-mocks (3.1.1)
      rspec-support (~> 3.1.0)
    rspec-puppet (1.0.1)
      rspec
    rspec-support (3.1.0)

PLATFORMS
  ruby

DEPENDENCIES
  puppet (>= 2.7)
  puppet-lint
  rake
  rspec-puppet
